PATH
  remote: .
  specs:
    osatest (0.1.0)
      json
      osascript
      yaml

GEM
  remote: https://rubygems.org/
  specs:
    json (2.6.2)
    minitest (5.16.3)
    minitest-color (0.0.2)
      minitest (~> 5)
    osascript (0.3.1)
    rake (12.3.3)
    yaml (0.2.0)

PLATFORMS
  ruby

DEPENDENCIES
  minitest (~> 5.0)
  minitest-color
  osatest!
  rake (~> 12.0)

BUNDLED WITH
   2.1.4
