PATH
  remote: .
  specs:
    osatest (0.3.0)
      json
      osascript
      yaml

GEM
  remote: https://rubygems.org/
  specs:
    json (2.6.3)
    minitest (5.16.3)
    minitest-color (0.0.2)
      minitest (~> 5)
    osascript (0.3.1)
    rake (12.3.3)
    webrick (1.7.0)
    yaml (0.2.1)
    yard (0.9.28)
      webrick (~> 1.7.0)

PLATFORMS
  ruby

DEPENDENCIES
  minitest (~> 5.0)
  minitest-color
  osatest!
  rake (~> 12.0)
  yard

BUNDLED WITH
   2.1.4
